PATH
  remote: ../../clients/ruby
  specs:
    docraptor (1.0.0)
      json (~> 1.4, >= 1.4.6)
      typhoeus (~> 0.2, >= 0.2.1)

GEM
  remote: https://rubygems.org/
  specs:
    coderay (1.1.0)
    ethon (0.7.4)
      ffi (>= 1.3.0)
    ffi (1.9.10)
    json (1.8.3)
    method_source (0.8.2)
    pry (0.10.1)
      coderay (~> 1.1.0)
      method_source (~> 0.8.1)
      slop (~> 3.4)
    slop (3.6.0)
    typhoeus (0.7.2)
      ethon (>= 0.7.4)

PLATFORMS
  ruby

DEPENDENCIES
  docraptor!
  pry

BUNDLED WITH
   1.10.6
